GEM
  remote: http://rubygems.org/
  specs:
    sshkey (1.6.1)

PLATFORMS
  ruby

DEPENDENCIES
  sshkey
